GEM
  remote: http://rubygems.org/
  specs:
    foreman (0.25.0)
      term-ansicolor (~> 1.0.5)
      thor (>= 0.13.6)
    minitest (2.7.0)
    rack (1.3.5)
    rack-test (0.6.1)
      rack (>= 1.0)
    term-ansicolor (1.0.7)
    thor (0.14.6)

PLATFORMS
  ruby

DEPENDENCIES
  foreman
  minitest
  rack
  rack-test
