GEM
  remote: http://rubygems.org/
  specs:
    minitest (2.7.0)
    rack (1.3.5)
    rack-test (0.6.1)
      rack (>= 1.0)

PLATFORMS
  ruby

DEPENDENCIES
  minitest
  rack
  rack-test
